GEM
  remote: http://rubygems.org/
  specs:
    ruby-processing (1.0.10.1)

PLATFORMS
  ruby

DEPENDENCIES
  ruby-processing
